FRAMEWORK: >= NET45
NUGET
  remote: https://www.nuget.org/api/v2
    Deedle (1.2.5)
    Deedle.RPlugin (1.2.5)
      Deedle (>= 1.2.5)
      R.NET.Community (>= 1.6.4)
      R.NET.Community.FSharp (>= 1.6.4)
      RProvider (>= 1.1.13)
    DeepNet (0.2.0.82)
      FSharp.Compiler.Service (>= 3.0)
      FsPickler.Json (>= 2.1)
      ManagedCuda-75-x64 (>= 7.5.7)
      Newtonsoft.Json (>= 8.0.3)
      Tensor (>= 0.2.0.82)
    DynamicInterop (0.7.4)
    FSharp.Charting (0.90.14)
    FSharp.Compiler.Service (8.0)
      System.Collections.Immutable (>= 1.2)
      System.Reflection.Metadata (>= 1.4.1-beta-24227-04)
    FSharp.Core (4.0.0.1)
    FSharp.Data (2.3.2)
    FsLab (1.0.2)
      Deedle (1.2.5)
      Deedle.RPlugin (1.2.5)
      DynamicInterop (0.7.4)
      FSharp.Charting (0.90.14)
      FSharp.Data (2.3.2)
      Google.DataTable.Net.Wrapper (3.1.2)
      MathNet.Numerics (3.13.1)
      MathNet.Numerics.FSharp (3.13.1)
      Newtonsoft.Json (9.0.1)
      R.NET.Community (1.6.5)
      R.NET.Community.FSharp (1.6.5)
      RProvider (1.1.20)
      Suave (1.1.3)
      XPlot.GoogleCharts (1.4.2)
      XPlot.GoogleCharts.Deedle (1.4.2)
      XPlot.Plotly (1.4.2)
    FsPickler (3.2)
    FsPickler.Json (3.2)
      FsPickler (3.2)
      Newtonsoft.Json (>= 6.0.5)
    Google.DataTable.Net.Wrapper (3.1.2)
    ManagedCuda-75-x64 (7.5.7)
    MathNet.Numerics (3.13.1)
    MathNet.Numerics.FSharp (3.13.1)
      FSharp.Core (>= 3.1.2.5)
      MathNet.Numerics (3.13.1)
    Newtonsoft.Json (9.0.1)
    R.NET.Community (1.6.5)
      DynamicInterop (0.7.4)
    R.NET.Community.FSharp (1.6.5)
      R.NET.Community (>= 1.6.5)
    RProvider (1.1.20)
      DynamicInterop (0.7.4)
      R.NET.Community (1.6.5)
      R.NET.Community.FSharp (1.6.5)
    Suave (1.1.3)
      FSharp.Core (>= 3.1.2.5)
    System.Collections.Immutable (1.3)
    System.Reflection.Metadata (1.4.1)
      System.Collections.Immutable (>= 1.3)
    Tensor (0.2.0.82)
      ManagedCuda-75-x64 (>= 7.5.7)
    XPlot.GoogleCharts (1.4.2)
      Google.DataTable.Net.Wrapper (3.1.2)
      Newtonsoft.Json (9.0.1)
    XPlot.GoogleCharts.Deedle (1.4.2)
      Deedle (1.2.5)
      XPlot.GoogleCharts (1.4.2)
    XPlot.Plotly (1.4.2)
      Newtonsoft.Json (9.0.1)
